GEM
  remote: http://rubygems.org/
  specs:
    directory_watcher (1.3.2)
    haml (3.0.23)

PLATFORMS
  ruby

DEPENDENCIES
  directory_watcher
  haml
