GEM
  remote: http://rubygems.org/
  specs:
    directory_watcher (1.3.2)
    haml (5.0.0)
      temple (>= 0.8.0)
      tilt
    temple (0.8.2)
    tilt (2.0.10)

PLATFORMS
  ruby

DEPENDENCIES
  directory_watcher
  haml
